GEM
  remote: http://rubygems.org/
  specs:
    activesupport (3.0.5)
    apachelogregex (0.1.0)
    i18n (0.5.0)
    net-sftp (2.0.5)
      net-ssh (>= 2.0.9)
    net-ssh (2.1.2)

PLATFORMS
  ruby

DEPENDENCIES
  activesupport (= 3.0.5)
  apachelogregex (= 0.1.0)
  i18n (= 0.5.0)
  net-sftp (= 2.0.5)
  net-ssh (= 2.1.2)
